GIT
  remote: git@github.com:dustacio/infochimps_explorer.git
  revision: c698aa539edc475f2a66f17b9e645fa2371bcd9a
  branch: gemable_rackapp
  specs:
    infochimps_explorer (0.0.1)
      RedCloth (~> 4.2.4)
      addressable (~> 2.2.6)
      configliere (~> 0.3.2)
      gorillib (~> 0.0.4)
      haml (~> 3.0.25)
      icss
      rack (~> 1.2.1)
      rack-abstract-format (~> 0.9.9)
      rack-accept-media-types (~> 0.9)
      rack-flash (~> 0.1.1)
      rack-test (~> 0.5.7)
      sinatra (~> 1.1.2)
      tilt (~> 1.2.2)
      unicorn (~> 3.4.0)
      yajl-ruby (~> 0.8.2)

GIT
  remote: https://github.com/infochimps/icss.git
  revision: da034a69f3d45b9b1f4dfe2a81e4e7a8a582d074
  branch: with_gorillib
  specs:
    icss (0.0.2)
      gorillib (~> 0.0.4)
      yajl-ruby (~> 0.8.2)

GEM
  remote: http://rubygems.org/
  specs:
    RedCloth (4.2.7)
    abstract (1.0.0)
    actionmailer (3.0.0)
      actionpack (= 3.0.0)
      mail (~> 2.2.5)
    actionpack (3.0.0)
      activemodel (= 3.0.0)
      activesupport (= 3.0.0)
      builder (~> 2.1.2)
      erubis (~> 2.6.6)
      i18n (~> 0.4.1)
      rack (~> 1.2.1)
      rack-mount (~> 0.6.12)
      rack-test (~> 0.5.4)
      tzinfo (~> 0.3.23)
    activemodel (3.0.0)
      activesupport (= 3.0.0)
      builder (~> 2.1.2)
      i18n (~> 0.4.1)
    activerecord (3.0.0)
      activemodel (= 3.0.0)
      activesupport (= 3.0.0)
      arel (~> 1.0.0)
      tzinfo (~> 0.3.23)
    activeresource (3.0.0)
      activemodel (= 3.0.0)
      activesupport (= 3.0.0)
    activesupport (3.0.0)
    addressable (2.2.6)
    arel (1.0.1)
      activesupport (~> 3.0.0)
    builder (2.1.2)
    configliere (0.3.4)
    erubis (2.6.6)
      abstract (>= 1.0.0)
    gorillib (0.0.8)
    haml (3.0.25)
    i18n (0.4.2)
    json (1.5.1)
    kgio (2.4.1)
    mail (2.2.19)
      activesupport (>= 2.3.6)
      i18n (>= 0.4.0)
      mime-types (~> 1.16)
      treetop (~> 1.4.8)
    mime-types (1.16)
    polyglot (0.3.1)
    rack (1.2.2)
    rack-abstract-format (0.9.9)
    rack-accept-media-types (0.9)
    rack-flash (0.1.1)
      rack
    rack-mount (0.6.14)
      rack (>= 1.0.0)
    rack-test (0.5.7)
      rack (>= 1.0)
    rails (3.0.0)
      actionmailer (= 3.0.0)
      actionpack (= 3.0.0)
      activerecord (= 3.0.0)
      activeresource (= 3.0.0)
      activesupport (= 3.0.0)
      bundler (~> 1.0.0)
      railties (= 3.0.0)
    railties (3.0.0)
      actionpack (= 3.0.0)
      activesupport (= 3.0.0)
      rake (>= 0.8.4)
      thor (~> 0.14.0)
    rake (0.9.0)
    sinatra (1.1.4)
      rack (~> 1.1)
      tilt (>= 1.2.2, < 2.0)
    sqlite3 (1.3.3)
    sqlite3-ruby (1.3.3)
      sqlite3 (>= 1.3.3)
    thor (0.14.6)
    tilt (1.2.2)
    treetop (1.4.9)
      polyglot (>= 0.3.1)
    tzinfo (0.3.27)
    unicorn (3.4.0)
      kgio (~> 2.2)
      rack
    yajl-ruby (0.8.2)

PLATFORMS
  ruby

DEPENDENCIES
  icss!
  infochimps_explorer!
  json
  rails (= 3.0.0)
  sinatra
  sqlite3-ruby
